PATH
  remote: .
  specs:
    hub (1.8.3)

GEM
  remote: http://rubygems.org/
  specs:

PLATFORMS
  ruby

DEPENDENCIES
  hub!
